GEM
  remote: https://rubygems.org/
  specs:
    little-plugger (1.1.3)
    logging (1.8.2)
      little-plugger (>= 1.1.3)
      multi_json (>= 1.8.4)
    multi_json (1.10.1)
    rake (10.3.2)

PLATFORMS
  ruby

DEPENDENCIES
  logging
  rake
